GEM
  remote: http://rubygems.org/
  specs:
    pg (0.14.1)
    rake (10.0.3)
    sequel (3.43.0)

PLATFORMS
  ruby

DEPENDENCIES
  pg
  rake
  sequel
